GEM
  remote: https://rubygems.org/
  specs:
    json (2.5.1)

PLATFORMS
  x86_64-linux

DEPENDENCIES
  json (~> 2.5)

BUNDLED WITH
   2.2.22
